GEM
  remote: https://rubygems.org/
  specs:
    RubyInline (3.12.2)
      ZenTest (~> 4.3)
    ZenTest (4.9.1)
    bloomfilter-rb (2.1.1)
      redis
    datet (0.0.25)
    http2 (0.0.13)
    httpclient (2.3.3)
    json (1.7.7)
    knjrbfw (0.0.104)
      datet
      http2
      php4r
      ruby_process
      tsafe
      wref
    multi_json (1.7.2)
    neography (1.0.9)
      httpclient (>= 2.3.3)
      json (>= 1.6.0)
      multi_json (>= 1.3.2)
      os (>= 0.9.6)
      rake (>= 0.8.7)
      rubyzip (>= 0.9.7)
    os (0.9.6)
    php4r (0.0.4)
      datet
      http2
      string-strtr
    rake (10.0.4)
    redis (3.0.4)
    ruby_process (0.0.8)
      tsafe
      wref
    rubyzip (0.9.9)
    string-strtr (0.0.3)
    tsafe (0.0.11)
    wref (0.0.6)

PLATFORMS
  ruby

DEPENDENCIES
  RubyInline
  bloomfilter-rb
  knjrbfw
  neography
