GEM
  remote: https://rubygems.org/
  specs:
    bloomfilter-rb (2.1.1)
      redis
    httpclient (2.3.3)
    json (1.7.7)
    multi_json (1.7.2)
    neography (1.0.9)
      httpclient (>= 2.3.3)
      json (>= 1.6.0)
      multi_json (>= 1.3.2)
      os (>= 0.9.6)
      rake (>= 0.8.7)
      rubyzip (>= 0.9.7)
    os (0.9.6)
    rake (10.0.4)
    redis (3.0.4)
    rubyzip (0.9.9)

PLATFORMS
  ruby

DEPENDENCIES
  bloomfilter-rb
  neography
